GEM
  remote: http://rubygems.org/
  specs:
    kata (1.0.7)

PLATFORMS
  ruby

DEPENDENCIES
  kata
